GEM
  remote: https://rubygems.org/
  specs:
    colorize (0.8.1)
    pearson (1.1.0)
    tty-cursor (0.6.0)
    tty-spinner (0.8.0)
      tty-cursor (>= 0.5.0)

PLATFORMS
  ruby

DEPENDENCIES
  colorize
  pearson
  tty-spinner

BUNDLED WITH
   1.16.5
